GEM
  remote: http://rubygems.org/
  specs:
    coffee-script (2.4.1)
      coffee-script-source
      execjs
    coffee-script-source (1.9.1.1)
    daemons (1.2.3)
    diff-lcs (1.2.5)
    eventmachine (1.0.7)
    excel_to_code (0.3.17)
      ffi (~> 1.0, >= 1.0.11)
      ox (~> 2.0, >= 2.0.12)
      rspec (~> 2.7, >= 2.7.0)
      rubypeg (~> 0)
    execjs (2.5.2)
    ffi (1.9.10)
    haml (4.0.6)
      tilt
    json (1.8.3)
    ox (2.2.1)
    rack (1.6.4)
    rack-protection (1.5.3)
      rack
    rspec (2.99.0)
      rspec-core (~> 2.99.0)
      rspec-expectations (~> 2.99.0)
      rspec-mocks (~> 2.99.0)
    rspec-core (2.99.2)
    rspec-expectations (2.99.2)
      diff-lcs (>= 1.1.3, < 2.0)
    rspec-mocks (2.99.4)
    rubypeg (0.0.4)
      rubyscriptwriter
    rubyscriptwriter (0.0.2)
    sass (3.4.16)
    sinatra (1.4.6)
      rack (~> 1.4)
      rack-protection (~> 1.4)
      tilt (>= 1.3, < 3)
    sprockets (3.2.0)
      rack (~> 1.0)
    thin (1.6.3)
      daemons (~> 1.0, >= 1.0.9)
      eventmachine (~> 1.0)
      rack (~> 1.0)
    tilt (2.0.1)
    uglifier (2.7.1)
      execjs (>= 0.3.0)
      json (>= 1.8.0)

PLATFORMS
  ruby

DEPENDENCIES
  coffee-script
  excel_to_code (>= 0.3.16)
  ffi
  haml
  json
  sass
  sinatra
  sprockets
  thin
  uglifier
